GEM
  remote: https://rubygems.org/
  specs:
    activesupport (3.2.17)
      i18n (~> 0.6, >= 0.6.4)
      multi_json (~> 1.0)
    ascii_charts (0.9.1)
    aws-sdk (1.33.0)
      json (~> 1.4)
      nokogiri (>= 1.4.4)
      uuidtools (~> 2.1)
    builder (3.2.2)
    chronic (0.10.2)
    colorize (0.7.1)
    ebnf (0.3.5)
      rdf
      sxp
    equivalent-xml (0.4.2)
      nokogiri (>= 1.4.3)
    excon (0.32.1)
    haml (4.0.5)
      tilt
    htmlentities (4.3.1)
    i18n (0.6.9)
    indentation (0.1.1)
    json (1.8.1)
    mime-types (2.2)
    mini_portile (0.5.3)
    multi_json (1.9.2)
    net-http-persistent (2.9.4)
    netrc (0.7.7)
    nokogiri (1.6.1)
      mini_portile (~> 0.5.0)
    rdf (1.1.3)
    rdf-aggregate-repo (1.1.0)
      rdf (>= 1.1)
    rdf-rdfa (1.1.2)
      haml (>= 4.0)
      htmlentities (>= 4.3.1)
      rdf (>= 1.1.0)
      rdf-xsd (>= 1.1)
    rdf-xsd (1.1.0)
      rdf (>= 1.1)
    rest-client (1.6.7)
      mime-types (>= 1.16)
    sparql (1.1.2.1)
      builder (>= 3.0)
      ebnf (>= 0.3.2)
      json (>= 1.7)
      rdf (>= 1.1.0)
      rdf-aggregate-repo (>= 1.1.0)
      rdf-xsd (>= 1.0.2)
      sparql-client (>= 1.1)
      sxp (>= 0.1.3)
    sparql-client (1.1.1)
      json (>= 1.8)
      net-http-persistent (>= 1.4)
      rdf (>= 1.1)
    sxp (0.1.5)
    terminal-table (1.4.5)
    tilt (2.0.1)
    time_difference (0.3.2)
      activesupport
    uuidtools (2.1.4)
    zillabyte (0.0.16)
      zillabyte-cli (~> 0.0.16)
    zillabyte-cli (0.0.16)
      activesupport (~> 3.2.11)
      ascii_charts (~> 0.9.1)
      aws-sdk (~> 1.33.0)
      bundler (~> 1.3)
      chronic (~> 0.10)
      colorize (~> 0.6)
      excon (~> 0.31)
      indentation (~> 0.1)
      mini_portile (~> 0.5.0)
      multi_json (~> 1.0)
      netrc (~> 0.7.7)
      rest-client (~> 1.6.1)
      terminal-table (~> 1.4)
      time_difference

PLATFORMS
  ruby

DEPENDENCIES
  equivalent-xml
  nokogiri
  rdf-rdfa
  sparql
  zillabyte
