GEM
  remote: https://rubygems.org/
  specs:
    activesupport (3.2.17)
      i18n (~> 0.6, >= 0.6.4)
      multi_json (~> 1.0)
    ascii_charts (0.9.1)
    aws-sdk (1.33.0)
      json (~> 1.4)
      nokogiri (>= 1.4.4)
      uuidtools (~> 2.1)
    chronic (0.10.2)
    colorize (0.7.1)
    excon (0.32.1)
    i18n (0.6.9)
    indentation (0.1.1)
    json (1.8.1)
    mime-types (2.2)
    mini_portile (0.5.3)
    multi_json (1.9.2)
    netrc (0.7.7)
    nokogiri (1.6.1)
      mini_portile (~> 0.5.0)
    rest-client (1.6.7)
      mime-types (>= 1.16)
    terminal-table (1.4.5)
    time_difference (0.3.2)
      activesupport
    uuidtools (2.1.4)
    zillabyte (0.0.16)
      zillabyte-cli (~> 0.0.16)
    zillabyte-cli (0.0.16)
      activesupport (~> 3.2.11)
      ascii_charts (~> 0.9.1)
      aws-sdk (~> 1.33.0)
      bundler (~> 1.3)
      chronic (~> 0.10)
      colorize (~> 0.6)
      excon (~> 0.31)
      indentation (~> 0.1)
      mini_portile (~> 0.5.0)
      multi_json (~> 1.0)
      netrc (~> 0.7.7)
      rest-client (~> 1.6.1)
      terminal-table (~> 1.4)
      time_difference

PLATFORMS
  ruby

DEPENDENCIES
  nokogiri
  zillabyte
