GEM
  remote: https://rubygems.org/
  specs:
    actionpack (3.2.18)
      activemodel (= 3.2.18)
      activesupport (= 3.2.18)
      builder (~> 3.0.0)
      erubis (~> 2.7.0)
      journey (~> 1.0.4)
      rack (~> 1.4.5)
      rack-cache (~> 1.2)
      rack-test (~> 0.6.1)
      sprockets (~> 2.2.1)
    activemodel (3.2.18)
      activesupport (= 3.2.18)
      builder (~> 3.0.0)
    activesupport (3.2.18)
      i18n (~> 0.6, >= 0.6.4)
      multi_json (~> 1.0)
    ascii_charts (0.9.1)
    aws-sdk (1.33.0)
      json (~> 1.4)
      nokogiri (>= 1.4.4)
      uuidtools (~> 2.1)
    builder (3.0.4)
    chronic (0.10.2)
    colorize (0.7.2)
    erubis (2.7.0)
    excon (0.33.0)
    hike (1.2.3)
    i18n (0.6.9)
    indentation (0.1.1)
    journey (1.0.4)
    json (1.8.1)
    mime-types (2.2)
    mini_portile (0.5.3)
    multi_json (1.10.0)
    netrc (0.7.7)
    nokogiri (1.6.2)
      mini_portile (~> 0.5.2)
    rack (1.4.5)
    rack-cache (1.2)
      rack (>= 0.4)
    rack-test (0.6.2)
      rack (>= 1.0)
    rest-client (1.6.7)
      mime-types (>= 1.16)
    sprockets (2.2.2)
      hike (~> 1.2)
      multi_json (~> 1.0)
      rack (~> 1.0)
      tilt (~> 1.1, != 1.3.0)
    terminal-table (1.4.5)
    tilt (1.4.1)
    time_difference (0.3.2)
      activesupport
    uuidtools (2.1.4)
    zillabyte (0.0.21)
      zillabyte-cli (~> 0.0.21)
    zillabyte-cli (0.0.22)
      actionpack (~> 3.2.13)
      activesupport (~> 3.2.11)
      ascii_charts (~> 0.9.1)
      aws-sdk (~> 1.33.0)
      bundler (~> 1.3)
      chronic (~> 0.10)
      colorize (~> 0.6)
      excon (~> 0.31)
      indentation (~> 0.1)
      mini_portile (~> 0.5.0)
      multi_json (~> 1.0)
      netrc (~> 0.7.7)
      rest-client (~> 1.6.1)
      terminal-table (~> 1.4)
      time_difference

PLATFORMS
  ruby

DEPENDENCIES
  nokogiri
  zillabyte
